GEM
  specs:
    builder (2.1.2)
    excon (0.6.3)
    fog (0.8.2)
      builder
      excon (~> 0.6.1)
      formatador (>= 0.1.3)
      json
      mime-types
      net-ssh (>= 2.1.3)
      nokogiri (>= 1.4.4)
      ruby-hmac
    formatador (0.1.4)
    json (1.5.1)
    mime-types (1.16)
    net-ssh (2.1.4)
    nokogiri (1.4.4.1-x86-mingw32)
    rack (1.2.3)
    ruby-hmac (0.4.0)
    sinatra (1.2.6)
      rack (~> 1.1)
      tilt (>= 1.2.2, < 2.0)
    tilt (1.3.2)

PLATFORMS
  x86-mingw32

DEPENDENCIES
  fog (= 0.8.2)
  sinatra
