GEM
  specs:
    aws-s3 (0.6.2)
      builder
      mime-types
      xml-simple
    builder (3.0.0)
    mime-types (1.16)
    rack (1.3.0)
    sinatra (1.2.6)
      rack (~> 1.1)
      tilt (>= 1.2.2, < 2.0)
    tilt (1.3.2)
    xml-simple (1.1.0)

PLATFORMS
  ruby
  x86-mingw32

DEPENDENCIES
  aws-s3
  sinatra
